GEM
  remote: https://rubygems.org/
  specs:
    addressable (2.3.8)
    artii (2.1.1)
    ast (2.1.0)
    astrolabe (1.3.1)
      parser (~> 2.2)
    backports (3.6.6)
    berkshelf (4.0.1)
      addressable (~> 2.3.4)
      berkshelf-api-client (~> 2.0)
      buff-config (~> 1.0)
      buff-extensions (~> 1.0)
      buff-shell_out (~> 0.1)
      celluloid (= 0.16.0)
      celluloid-io (~> 0.16.1)
      cleanroom (~> 1.0)
      faraday (~> 0.9.0)
      httpclient (~> 2.6.0)
      minitar (~> 0.5.4)
      octokit (~> 3.0)
      retryable (~> 2.0)
      ridley (~> 4.3)
      solve (~> 1.1)
      thor (~> 0.19)
    berkshelf-api-client (2.0.0)
      faraday (~> 0.9.1)
      httpclient (~> 2.6.0)
    buff-config (1.0.1)
      buff-extensions (~> 1.0)
      varia_model (~> 0.4)
    buff-extensions (1.0.0)
    buff-ignore (1.1.1)
    buff-ruby_engine (0.1.0)
    buff-shell_out (0.2.0)
      buff-ruby_engine (~> 0.1.0)
    celluloid (0.16.0)
      timers (~> 4.0.0)
    celluloid-io (0.16.2)
      celluloid (>= 0.16.0)
      nio4r (>= 1.1.0)
    cleanroom (1.0.0)
    coderay (1.1.0)
    colorize (0.7.7)
    dep-selector-libgecode (1.0.2)
    dep_selector (1.0.3)
      dep-selector-libgecode (~> 1.0)
      ffi (~> 1.9)
    erubis (2.7.0)
    ethon (0.8.0)
      ffi (>= 1.3.0)
    faraday (0.9.2)
      multipart-post (>= 1.2, < 3)
    faraday_middleware (0.10.0)
      faraday (>= 0.7.4, < 0.10)
    ffi (1.9.10)
    ffi (1.9.10-x86-mingw32)
    foodcritic (5.0.0)
      erubis
      gherkin (~> 2.11)
      nokogiri (>= 1.5, < 2.0)
      rake
      rufus-lru (~> 1.0)
      treetop (~> 1.4)
      yajl-ruby (~> 1.1)
    gh (0.14.0)
      addressable
      backports
      faraday (~> 0.8)
      multi_json (~> 1.0)
      net-http-persistent (>= 2.7)
      net-http-pipeline
    gherkin (2.12.2)
      multi_json (~> 1.3)
    gherkin (2.12.2-x86-mingw32)
      multi_json (~> 1.3)
    hashie (3.4.3)
    highline (1.7.8)
    hitimes (1.2.3)
    hitimes (1.2.3-x86-mingw32)
    httpclient (2.6.0.1)
    json (1.8.3)
    launchy (2.4.3)
      addressable (~> 2.3)
    method_source (0.8.2)
    mini_portile (0.6.2)
    minitar (0.5.4)
    mixlib-authentication (1.3.0)
      mixlib-log
    mixlib-log (1.6.0)
    mixlib-shellout (2.2.3)
    mixlib-shellout (2.2.3-universal-mingw32)
      win32-process (~> 0.8.2)
      wmi-lite (~> 1.0)
    multi_json (1.11.2)
    multipart-post (2.0.0)
    net-http-persistent (2.9.4)
    net-http-pipeline (1.0.1)
    nio4r (1.1.1)
    nokogiri (1.6.6.2)
      mini_portile (~> 0.6.0)
    nokogiri (1.6.6.2-x86-mingw32)
      mini_portile (~> 0.6.0)
    octokit (3.8.0)
      sawyer (~> 0.6.0, >= 0.5.3)
    parser (2.2.3.0)
      ast (>= 1.1, < 3.0)
    polyglot (0.3.5)
    powerpack (0.1.1)
    pry (0.9.12.6)
      coderay (~> 1.0)
      method_source (~> 0.8)
      slop (~> 3.4)
    pry (0.9.12.6-x86-mingw32)
      coderay (~> 1.0)
      method_source (~> 0.8)
      slop (~> 3.4)
      win32console (~> 1.3)
    pusher-client (0.6.2)
      json
      websocket (~> 1.0)
    rainbow (2.0.0)
    rake (10.4.2)
    retryable (2.0.2)
    ridley (4.3.2)
      addressable
      buff-config (~> 1.0)
      buff-extensions (~> 1.0)
      buff-ignore (~> 1.1)
      buff-shell_out (~> 0.1)
      celluloid (~> 0.16.0)
      celluloid-io (~> 0.16.1)
      erubis
      faraday (~> 0.9.0)
      hashie (>= 2.0.2, < 4.0.0)
      httpclient (~> 2.6)
      json (>= 1.7.7)
      mixlib-authentication (>= 1.3.0)
      retryable (~> 2.0)
      semverse (~> 1.1)
      varia_model (~> 0.4.0)
    rubocop (0.34.2)
      astrolabe (~> 1.3)
      parser (>= 2.2.2.5, < 3.0)
      powerpack (~> 0.1)
      rainbow (>= 1.99.1, < 3.0)
      ruby-progressbar (~> 1.4)
    ruby-progressbar (1.7.5)
    rufus-lru (1.0.5)
    sawyer (0.6.0)
      addressable (~> 2.3.5)
      faraday (~> 0.8, < 0.10)
    semverse (1.2.1)
    slop (3.6.0)
    solve (1.2.1)
      dep_selector (~> 1.0)
      semverse (~> 1.1)
    thor (0.19.1)
    timers (4.0.4)
      hitimes
    travis (1.8.0)
      addressable (~> 2.3)
      backports
      faraday (~> 0.9)
      faraday_middleware (~> 0.9, >= 0.9.1)
      gh (~> 0.13)
      highline (~> 1.6)
      launchy (~> 2.1)
      pry (~> 0.9, < 0.10)
      pusher-client (~> 0.4)
      typhoeus (~> 0.6, >= 0.6.8)
    treetop (1.6.3)
      polyglot (~> 0.3)
    typhoeus (0.8.0)
      ethon (>= 0.8.0)
    varia_model (0.4.1)
      buff-extensions (~> 1.0)
      hashie (>= 2.0.2, < 4.0.0)
    websocket (1.2.2)
    win32-process (0.8.2)
      ffi (>= 1.0.0)
    win32console (1.3.2-x86-mingw32)
    wmi-lite (1.0.0)
    yajl-ruby (1.2.1)

PLATFORMS
  ruby
  x86-mingw32

DEPENDENCIES
  artii (~> 2.1.0)
  berkshelf (~> 4.0.0)
  colorize (~> 0.7.0)
  foodcritic (~> 5.0.0)
  mixlib-shellout (~> 2.2.0)
  rubocop (~> 0.34.0)
  thor (~> 0.19.0)
  travis (~> 1.8.0)

BUNDLED WITH
   1.10.6
